GEM
  remote: http://rubygems.org/
  specs:
    awesome_print (1.0.2)
    cinch (1.1.3)
    rake (0.9.2.2)
    redis (2.2.2)

PLATFORMS
  ruby

DEPENDENCIES
  awesome_print
  cinch
  rake
  redis
